GEM
  remote: https://rubygems.org/
  specs:
    rack (1.5.2)
    rack-fontserve (0.2.0)
      sinatra (~> 1.2.6)
    rack-server-pages (0.0.6)
      rack
    sinatra (1.2.8)
      rack (~> 1.1)
      tilt (>= 1.2.2, < 2.0)
    tilt (1.4.1)

PLATFORMS
  ruby

DEPENDENCIES
  rack
  rack-fontserve
  rack-server-pages
